GEM
  remote: https://rubygems.org/
  specs:
    mini_portile2 (2.1.0)
    nokogiri (1.6.8.1)
      mini_portile2 (~> 2.1.0)
    rake (11.3.0)
    sqlite3 (1.3.12)

PLATFORMS
  ruby

DEPENDENCIES
  nokogiri
  rake
  sqlite3

BUNDLED WITH
   1.13.1
